GEM
  remote: https://rubygems.org/
  specs:
    ethon (0.7.0)
      ffi (>= 1.3.0)
    ffi (1.9.3)
    rack (1.5.2)
    rack-protection (1.5.2)
      rack
    sinatra (1.4.4)
      rack (~> 1.4)
      rack-protection (~> 1.4)
      tilt (~> 1.3, >= 1.3.4)
    tilt (1.4.1)
    typhoeus (0.6.8)
      ethon (>= 0.7.0)

PLATFORMS
  ruby

DEPENDENCIES
  sinatra
  typhoeus
